GEM
  remote: https://rubygems.org/
  specs:
    adsf (1.4.3)
      rack (>= 1.0.0, < 3.0.0)
    adsf-live (1.4.3)
      adsf (~> 1.3)
      em-websocket (~> 0.5)
      eventmachine (~> 1.2)
      listen (~> 3.0)
      rack-livereload (~> 0.3)
    em-websocket (0.5.1)
      eventmachine (>= 0.12.9)
      http_parser.rb (~> 0.6.0)
    eventmachine (1.2.7)
    ffi (1.12.2)
    http_parser.rb (0.6.0)
    listen (3.2.1)
      rb-fsevent (~> 0.10, >= 0.10.3)
      rb-inotify (~> 0.9, >= 0.9.10)
    rack (2.2.3)
    rack-livereload (0.3.17)
      rack
    rb-fsevent (0.10.4)
    rb-inotify (0.10.1)
      ffi (~> 1.0)

PLATFORMS
  ruby

DEPENDENCIES
  adsf (~> 1.4)
  adsf-live (~> 1.4)

BUNDLED WITH
   2.1.4
